GEM
  remote: https://rubygems.org/
  specs:
    advent_of_code_cli (0.1.7)
      thor (>= 1.2.0)
    erubi (1.13.0)
    netrc (0.11.0)
    parallel (1.26.3)
    prism (1.2.0)
    rbi (0.2.1)
      prism (~> 1.0)
      sorbet-runtime (>= 0.5.9204)
    sorbet (0.5.11668)
      sorbet-static (= 0.5.11668)
    sorbet-runtime (0.5.11668)
    sorbet-static (0.5.11668-universal-darwin)
    sorbet-static-and-runtime (0.5.11668)
      sorbet (= 0.5.11668)
      sorbet-runtime (= 0.5.11668)
    spoom (1.5.0)
      erubi (>= 1.10.0)
      prism (>= 0.28.0)
      sorbet-static-and-runtime (>= 0.5.10187)
      thor (>= 0.19.2)
    tapioca (0.16.4)
      bundler (>= 2.2.25)
      netrc (>= 0.11.0)
      parallel (>= 1.21.0)
      rbi (~> 0.2)
      sorbet-static-and-runtime (>= 0.5.11087)
      spoom (>= 1.2.0)
      thor (>= 1.2.0)
      yard-sorbet
    thor (1.3.2)
    yard (0.9.37)
    yard-sorbet (0.9.0)
      sorbet-runtime
      yard

PLATFORMS
  arm64-darwin-23
  ruby

DEPENDENCIES
  advent_of_code_cli
  sorbet-static-and-runtime
  tapioca

BUNDLED WITH
   2.5.3
