GEM
  remote: https://rubygems.org/
  specs:
    advent_of_code_cli (0.1.7)
      thor (>= 1.2.0)
    ast (2.4.2)
    debug (1.9.2)
      irb (~> 1.10)
      reline (>= 0.3.8)
    erubi (1.13.0)
    io-console (0.7.2)
    irb (1.14.1)
      rdoc (>= 4.0.0)
      reline (>= 0.4.2)
    json (2.8.2)
    language_server-protocol (3.17.0.3)
    netrc (0.11.0)
    parallel (1.26.3)
    parser (3.3.6.0)
      ast (~> 2.4.1)
      racc
    prism (1.2.0)
    psych (5.2.0)
      stringio
    racc (1.8.1)
    rainbow (3.1.1)
    rbi (0.2.1)
      prism (~> 1.0)
      sorbet-runtime (>= 0.5.9204)
    rdoc (6.8.1)
      psych (>= 4.0.0)
    regexp_parser (2.9.2)
    reline (0.5.12)
      io-console (~> 0.5)
    rubocop (1.69.0)
      json (~> 2.3)
      language_server-protocol (>= 3.17.0)
      parallel (~> 1.10)
      parser (>= 3.3.0.2)
      rainbow (>= 2.2.2, < 4.0)
      regexp_parser (>= 2.4, < 3.0)
      rubocop-ast (>= 1.36.1, < 2.0)
      ruby-progressbar (~> 1.7)
      unicode-display_width (>= 2.4.0, < 4.0)
    rubocop-ast (1.36.1)
      parser (>= 3.3.1.0)
    rubocop-sorbet (0.8.7)
      rubocop (>= 1)
    ruby-progressbar (1.13.0)
    sorbet (0.5.11668)
      sorbet-static (= 0.5.11668)
    sorbet-runtime (0.5.11668)
    sorbet-static (0.5.11668-universal-darwin)
    sorbet-static-and-runtime (0.5.11668)
      sorbet (= 0.5.11668)
      sorbet-runtime (= 0.5.11668)
    spoom (1.5.0)
      erubi (>= 1.10.0)
      prism (>= 0.28.0)
      sorbet-static-and-runtime (>= 0.5.10187)
      thor (>= 0.19.2)
    stringio (3.1.2)
    tapioca (0.16.4)
      bundler (>= 2.2.25)
      netrc (>= 0.11.0)
      parallel (>= 1.21.0)
      rbi (~> 0.2)
      sorbet-static-and-runtime (>= 0.5.11087)
      spoom (>= 1.2.0)
      thor (>= 1.2.0)
      yard-sorbet
    thor (1.3.2)
    unicode-display_width (3.1.2)
      unicode-emoji (~> 4.0, >= 4.0.4)
    unicode-emoji (4.0.4)
    yard (0.9.37)
    yard-sorbet (0.9.0)
      sorbet-runtime
      yard

PLATFORMS
  arm64-darwin-23
  ruby

DEPENDENCIES
  advent_of_code_cli
  debug
  rubocop
  rubocop-sorbet
  sorbet-static-and-runtime
  tapioca

BUNDLED WITH
   2.5.3
